GEM
  remote: https://rubygems.org/
  specs:
    chunky_png (1.3.5)
    rake (10.4.2)

PLATFORMS
  ruby

DEPENDENCIES
  chunky_png
  rake
